RESTRICTION: >= net40
NUGET
  remote: https://api.nuget.org/v3/index.json
    ControlzEx (3.0.2.4)
    Costura.Fody (3.1.2)
      Fody (>= 3.2.4) - restriction: >= net46
    Fody (3.2.4)
    gitlink (3.1)
    JetBrains.Annotations (2018.2.1)
    MahApps.Metro (1.6.5)
      ControlzEx (>= 3.0.2.4 < 4.0)

GROUP UWP

GITHUB
  remote: ControlzEx/ControlzEx
    src/ControlzEx/PackIconBase.cs (2a937e3e841cb0087cfdbb8f3b4caea7f781dd1b)