RESTRICTION: >= net40
NUGET
  remote: https://api.nuget.org/v3/index.json
    ControlzEx (4.0.0-alpha0189)
    Costura.Fody (3.1.4)
      Fody (>= 3.2.6) - restriction: >= net46
    Fody (3.2.7)
    gitlink (3.2.0-unstable0040) - copy_local: true
    JetBrains.Annotations (2018.2.1) - copy_local: true
  remote: https://ci.appveyor.com/nuget/mahapps.metro
    MahApps.Metro (2.0.0-alpha0093)
      ControlzEx (>= 4.0.0-alpha0188 < 5.0.0-alpha)

GROUP cake
RESTRICTION: == net45
NUGET
  remote: https://api.nuget.org/v3/index.json
    Cake (0.30)
    Cake.Figlet (1.2)
    Cake.Paket (4.0)
    Cake.Paket.Module (4.0)
    gitreleasemanager (0.7.1)
    GitVersion.CommandLine (4.0.0-beta0014)
    vswhere (2.5.2)

GROUP UWP

GITHUB
  remote: ControlzEx/ControlzEx
    src/ControlzEx/PackIconBase.cs (e641c9e9346d7ae8c21ca1bf7fa5fb1b86496baa)