RESTRICTION: >= net40
NUGET
  remote: https://ci.appveyor.com/nuget/controlzex
    ControlzEx (4.0.0-alpha0188)
  remote: https://api.nuget.org/v3/index.json
    Costura.Fody (3.1.2)
      Fody (>= 3.2.4) - restriction: >= net46
    Fody (3.2.4)
    gitlink (3.2.0-unstable0040) - copy_local: true
    JetBrains.Annotations (2018.2.1) - copy_local: true
  remote: https://ci.appveyor.com/nuget/mahapps.metro
    MahApps.Metro (2.0.0-alpha0092)
      ControlzEx (>= 4.0.0-alpha0176 < 5.0.0-alpha)

GROUP cake
RESTRICTION: == net45
NUGET
  remote: https://api.nuget.org/v3/index.json
    Cake (0.30)
    Cake.Figlet (1.2)
    Cake.Paket (4.0)
    Cake.Paket.Module (4.0)
    gitreleasemanager (0.7.1)
    GitVersion.CommandLine (4.0.0-beta0014)
    vswhere (2.5.2)

GROUP UWP

GITHUB
  remote: ControlzEx/ControlzEx
    src/ControlzEx/PackIconBase.cs (2a937e3e841cb0087cfdbb8f3b4caea7f781dd1b)